STORAGE: PACKAGES
RESTRICTION: || (== net70)

GROUP Build
STORAGE: PACKAGES
NUGET
  remote: https://api.nuget.org/v3/index.json
    NuGet.CommandLine (5.9.1)
